GEM
  remote: https://rubygems.org/
  specs:
    diff-lcs (1.2.5)
    power_assert (0.2.7)
    rspec (3.4.0)
      rspec-core (~> 3.4.0)
      rspec-expectations (~> 3.4.0)
      rspec-mocks (~> 3.4.0)
    rspec-core (3.4.1)
      rspec-support (~> 3.4.0)
    rspec-expectations (3.4.0)
      diff-lcs (>= 1.2.0, < 2.0)
      rspec-support (~> 3.4.0)
    rspec-mocks (3.4.1)
      diff-lcs (>= 1.2.0, < 2.0)
      rspec-support (~> 3.4.0)
    rspec-power_assert (0.3.0)
      power_assert (~> 0.2.0)
      rspec (>= 2.14)
    rspec-support (3.4.1)

PLATFORMS
  ruby

DEPENDENCIES
  rspec
  rspec-power_assert

BUNDLED WITH
   1.10.6
